RESTRICTION: == netcoreapp3.0
NUGET
  remote: https://www.nuget.org/api/v2
    Expecto (8.13.1)
      FSharp.Core (>= 4.3.4)
      Mono.Cecil (>= 0.11)
    FSharp.Core (4.7)
    Mono.Cecil (0.11.1)

GROUP Build
NUGET
  remote: https://www.nuget.org/api/v2
    FAKE (5.16)
